PATH
  remote: .
  specs:
    pprof (0.5.1)
      plist (~> 3.1)

GEM
  remote: https://rubygems.org/
  specs:
    ast (2.4.2)
    parallel (1.21.0)
    parser (3.1.1.0)
      ast (~> 2.4.1)
    plist (3.6.0)
    rainbow (3.1.1)
    regexp_parser (2.2.1)
    rexml (3.2.5)
    rubocop (1.25.1)
      parallel (~> 1.10)
      parser (>= 3.1.0.0)
      rainbow (>= 2.2.2, < 4.0)
      regexp_parser (>= 1.8, < 3.0)
      rexml
      rubocop-ast (>= 1.15.1, < 2.0)
      ruby-progressbar (~> 1.7)
      unicode-display_width (>= 1.4.0, < 3.0)
    rubocop-ast (1.16.0)
      parser (>= 3.1.1.0)
    ruby-progressbar (1.11.0)
    unicode-display_width (2.1.0)

PLATFORMS
  ruby

DEPENDENCIES
  pprof!
  rubocop (~> 1.25)

BUNDLED WITH
   2.3.13
