PATH
  remote: .
  specs:
    pprof (0.3.9)
      plist (~> 3.1)

GEM
  remote: https://rubygems.org/
  specs:
    plist (3.6.0)

PLATFORMS
  ruby

DEPENDENCIES
  pprof!

BUNDLED WITH
   2.2.33
